

GROUP Build
NUGET
  remote: https://www.nuget.org/api/v2
  specs:
    FAKE (4.20.0)
    SourceLink.Fake (1.1.0)

GROUP Test
NUGET
  remote: https://www.nuget.org/api/v2
  specs:
    FsCheck (2.2.4)
      FSharp.Core (>= 3.1.2.5)
    FsCheck.Nunit (2.2.4)
      FsCheck (>= 2.2.4)
      NUnit (>= 2.6.4 < 2.7.0)
      NUnit.Runners (>= 2.6.4 < 2.7.0)
    FSharp.Core (4.0.0.1)
    NUnit (2.6.4)
    NUnit.Runners (2.6.4)
    NUnitTestAdapter (2.0.0)
